GEM
  remote: https://rubygems.org/
  specs:
    bigdecimal (3.2.2)
    pg (1.5.9)
    sequel (5.94.0)
      bigdecimal

PLATFORMS
  ruby
  x86_64-linux

DEPENDENCIES
  pg
  sequel

BUNDLED WITH
   2.7.0
