GEM
  remote: https://rubygems.org/
  specs:
    bigdecimal (3.2.2)
    diff-lcs (1.6.2)
    dotenv (3.1.8)
    pg (1.5.9)
    rspec (3.13.1)
      rspec-core (~> 3.13.0)
      rspec-expectations (~> 3.13.0)
      rspec-mocks (~> 3.13.0)
    rspec-core (3.13.5)
      rspec-support (~> 3.13.0)
    rspec-expectations (3.13.5)
      diff-lcs (>= 1.2.0, < 2.0)
      rspec-support (~> 3.13.0)
    rspec-mocks (3.13.5)
      diff-lcs (>= 1.2.0, < 2.0)
      rspec-support (~> 3.13.0)
    rspec-support (3.13.4)
    sequel (5.94.0)
      bigdecimal

PLATFORMS
  ruby
  x86_64-linux

DEPENDENCIES
  dotenv
  pg
  rspec
  sequel

BUNDLED WITH
   2.7.0
